GEM
  remote: https://rubygems.org/
  specs:
    OptionParser (0.5.1)
    json (2.3.0)
    mini_portile2 (2.5.1)
    nokogiri (1.11.4)
      mini_portile2 (~> 2.5.0)
      racc (~> 1.4)
    racc (1.5.2)

PLATFORMS
  ruby

DEPENDENCIES
  OptionParser
  json
  nokogiri

BUNDLED WITH
   2.1.2
